GEM
  remote: http://rubygems.org/
  specs:
    jsmin (1.0.1)
    rake (10.0.1)
    rake-minify (0.3.3)
      jsmin (~> 1.0.1)
      rake (>= 0.8.7)

PLATFORMS
  ruby

DEPENDENCIES
  rake-minify
